GEM
  remote: https://rubygems.org/
  specs:
    actionmailer (4.2.11.1)
      actionpack (= 4.2.11.1)
      actionview (= 4.2.11.1)
      activejob (= 4.2.11.1)
      mail (~> 2.5, >= 2.5.4)
      rails-dom-testing (~> 1.0, >= 1.0.5)
    actionpack (4.2.11.1)
      actionview (= 4.2.11.1)
      activesupport (= 4.2.11.1)
      rack (~> 1.6)
      rack-test (~> 0.6.2)
      rails-dom-testing (~> 1.0, >= 1.0.5)
      rails-html-sanitizer (~> 1.0, >= 1.0.2)
    actionview (4.2.11.1)
      activesupport (= 4.2.11.1)
      builder (~> 3.1)
      erubis (~> 2.7.0)
      rails-dom-testing (~> 1.0, >= 1.0.5)
      rails-html-sanitizer (~> 1.0, >= 1.0.3)
    active_link_to (1.0.5)
      actionpack
      addressable
    activejob (4.2.11.1)
      activesupport (= 4.2.11.1)
      globalid (>= 0.3.0)
    activemodel (4.2.11.1)
      activesupport (= 4.2.11.1)
      builder (~> 3.1)
    activerecord (4.2.11.1)
      activemodel (= 4.2.11.1)
      activesupport (= 4.2.11.1)
      arel (~> 6.0)
    activerecord-reset-pk-sequence (0.2.1)
    activesupport (4.2.11.1)
      i18n (~> 0.7)
      minitest (~> 5.1)
      thread_safe (~> 0.3, >= 0.3.4)
      tzinfo (~> 1.1)
    addressable (2.7.0)
      public_suffix (>= 2.0.2, < 5.0)
    arel (6.0.4)
    ast (2.4.0)
    axlsx (3.0.0.pre)
      htmlentities (~> 4.3, >= 4.3.4)
      mimemagic (~> 0.3)
      nokogiri (~> 1.8, >= 1.8.2)
      rubyzip (~> 1.2, >= 1.2.1)
    bcrypt (3.1.13)
    brakeman (4.7.0)
    builder (3.2.3)
    byebug (11.0.1)
    cancancan (3.0.1)
    capybara (3.29.0)
      addressable
      mini_mime (>= 0.1.3)
      nokogiri (~> 1.8)
      rack (>= 1.6.0)
      rack-test (>= 0.6.3)
      regexp_parser (~> 1.5)
      xpath (~> 3.2)
    carrierwave (1.3.1)
      activemodel (>= 4.0.0)
      activesupport (>= 4.0.0)
      mime-types (>= 1.16)
    cocoon (1.2.14)
    coffee-rails (4.1.1)
      coffee-script (>= 2.2.0)
      railties (>= 4.0.0, < 5.1.x)
    coffee-script (2.4.1)
      coffee-script-source
      execjs
    coffee-script-source (1.12.2)
    concurrent-ruby (1.1.5)
    crass (1.0.5)
    daemons (1.3.1)
    delayed_job (4.1.8)
      activesupport (>= 3.0, < 6.1)
    delayed_job_active_record (4.1.4)
      activerecord (>= 3.0, < 6.1)
      delayed_job (>= 3.0, < 5)
    devise (4.7.1)
      bcrypt (~> 3.0)
      orm_adapter (~> 0.1)
      railties (>= 4.1.0)
      responders
      warden (~> 1.2.3)
    diff-lcs (1.3)
    docile (1.3.2)
    erubi (1.9.0)
    erubis (2.7.0)
    eventmachine (1.2.7)
    execjs (2.7.0)
    factory_bot (5.1.1)
      activesupport (>= 4.2.0)
    factory_bot_rails (5.1.1)
      factory_bot (~> 5.1.0)
      railties (>= 4.2.0)
    faker (2.2.1)
      i18n (>= 0.8)
    fast_xs (0.8.0)
    ffaker (2.13.0)
    ffi (1.11.1)
    file_validators (2.3.0)
      activemodel (>= 3.2)
      mime-types (>= 1.0)
    foundation-rails (5.5.3.2)
      railties (>= 3.1.0)
      sass (>= 3.3.0, < 3.5)
    globalid (0.4.2)
      activesupport (>= 4.2.0)
    highline (2.0.3)
    holidays (8.0.0)
    htmlentities (4.3.4)
    i18n (0.9.5)
      concurrent-ruby (~> 1.0)
    i18n-tasks (0.9.29)
      activesupport (>= 4.0.2)
      ast (>= 2.1.0)
      erubi
      highline (>= 2.0.0)
      i18n
      parser (>= 2.2.3.0)
      rails-i18n
      rainbow (>= 2.2.2, < 4.0)
      terminal-table (>= 1.5.1)
    jaro_winkler (1.5.3)
    jbuilder (1.5.3)
      activesupport (>= 3.0.0)
      multi_json (>= 1.2.0)
    jquery-rails (4.3.5)
      rails-dom-testing (>= 1, < 3)
      railties (>= 4.2.0)
      thor (>= 0.14, < 2.0)
    json (2.2.0)
    json_converter (0.0.1)
    kaminari (1.1.1)
      activesupport (>= 4.1.0)
      kaminari-actionview (= 1.1.1)
      kaminari-activerecord (= 1.1.1)
      kaminari-core (= 1.1.1)
    kaminari-actionview (1.1.1)
      actionview
      kaminari-core (= 1.1.1)
    kaminari-activerecord (1.1.1)
      activerecord
      kaminari-core (= 1.1.1)
    kaminari-core (1.1.1)
    libv8 (3.16.14.19)
    loofah (2.3.1)
      crass (~> 1.0.2)
      nokogiri (>= 1.5.9)
    mail (2.7.1)
      mini_mime (>= 0.1.1)
    mime-types (3.3)
    mime-types-data (3.2019.1009)
    mimemagic (0.3.3)
    mini_magick (4.9.5)
    mini_mime (1.0.2)
    mini_portile2 (2.4.0)
    minitest (5.12.2)
    monetize (1.9.2)
      money (~> 6.12)
    money (6.13.4)
      i18n (>= 0.6.4, <= 2)
    money-rails (1.13.3)
      activesupport (>= 3.0)
      monetize (~> 1.9.0)
      money (~> 6.13.2)
      railties (>= 3.0)
    morrisjs-rails (0.5.1.2)
      railties (> 3.1, < 6)
    multi_json (1.14.1)
    nokogiri (1.10.4)
      mini_portile2 (~> 2.4.0)
    orm_adapter (0.5.0)
    paper_trail (3.0.9)
      activerecord (>= 3.0, < 5.0)
      activesupport (>= 3.0, < 5.0)
    parallel (1.18.0)
    parser (2.6.5.0)
      ast (~> 2.4.0)
    passenger (6.0.4)
      rack
      rake (>= 0.8.1)
    pdf-core (0.7.0)
    pg (0.20.0)
    prawn (2.2.2)
      pdf-core (~> 0.7.0)
      ttfunk (~> 1.5)
    prawn-table (0.2.2)
      prawn (>= 1.3.0, < 3.0.0)
    priceable (0.1.0)
      activerecord (>= 3.0.0)
    public_suffix (4.0.1)
    rack (1.6.11)
    rack-test (0.6.3)
      rack (>= 1.0)
    railroady (1.5.3)
    rails (4.2.11.1)
      actionmailer (= 4.2.11.1)
      actionpack (= 4.2.11.1)
      actionview (= 4.2.11.1)
      activejob (= 4.2.11.1)
      activemodel (= 4.2.11.1)
      activerecord (= 4.2.11.1)
      activesupport (= 4.2.11.1)
      bundler (>= 1.3.0, < 2.0)
      railties (= 4.2.11.1)
      sprockets-rails
    rails-deprecated_sanitizer (1.0.3)
      activesupport (>= 4.2.0.alpha)
    rails-dom-testing (1.0.9)
      activesupport (>= 4.2.0, < 5.0)
      nokogiri (~> 1.6)
      rails-deprecated_sanitizer (>= 1.0.1)
    rails-fix-permissions (1.3)
    rails-html-sanitizer (1.3.0)
      loofah (~> 2.3)
    rails-i18n (4.0.9)
      i18n (~> 0.7)
      railties (~> 4.0)
    rails-observers (0.1.5)
      activemodel (>= 4.0)
    railties (4.2.11.1)
      actionpack (= 4.2.11.1)
      activesupport (= 4.2.11.1)
      rake (>= 0.8.7)
      thor (>= 0.18.1, < 2.0)
    rainbow (3.0.0)
    rake (13.0.0)
    ransack (1.8.10)
      actionpack (>= 3.0, < 5.2)
      activerecord (>= 3.0, < 5.2)
      activesupport (>= 3.0, < 5.2)
      i18n
    raphael-rails (2.1.2)
    redcarpet (3.5.0)
    ref (2.0.0)
    regexp_parser (1.6.0)
    responders (2.4.1)
      actionpack (>= 4.2.0, < 6.0)
      railties (>= 4.2.0, < 6.0)
    rspec (3.9.0)
      rspec-core (~> 3.9.0)
      rspec-expectations (~> 3.9.0)
      rspec-mocks (~> 3.9.0)
    rspec-core (3.9.0)
      rspec-support (~> 3.9.0)
    rspec-expectations (3.9.0)
      diff-lcs (>= 1.2.0, < 2.0)
      rspec-support (~> 3.9.0)
    rspec-mocks (3.9.0)
      diff-lcs (>= 1.2.0, < 2.0)
      rspec-support (~> 3.9.0)
    rspec-rails (3.9.0)
      actionpack (>= 3.0)
      activesupport (>= 3.0)
      railties (>= 3.0)
      rspec-core (~> 3.9.0)
      rspec-expectations (~> 3.9.0)
      rspec-mocks (~> 3.9.0)
      rspec-support (~> 3.9.0)
    rspec-support (3.9.0)
    rubocop (0.75.1)
      jaro_winkler (~> 1.5.1)
      parallel (~> 1.10)
      parser (>= 2.6)
      rainbow (>= 2.2.2, < 4.0)
      ruby-progressbar (~> 1.7)
      unicode-display_width (>= 1.4.0, < 1.7)
    ruby-progressbar (1.10.1)
    rubyzip (1.3.0)
    sass (3.4.25)
    sass-rails (6.0.0)
      sassc-rails (~> 2.1, >= 2.1.1)
    sassc (2.2.1)
      ffi (~> 1.9)
    sassc-rails (2.1.2)
      railties (>= 4.0.0)
      sassc (>= 2.0)
      sprockets (> 3.0)
      sprockets-rails
      tilt
    seed_dump (3.3.1)
      activerecord (>= 4)
      activesupport (>= 4)
    settingslogic (2.0.9)
    shoulda-matchers (3.1.3)
      activesupport (>= 4.0.0)
    simple_xlsx_writer (0.5.3)
      fast_xs (>= 0.7.3)
      rubyzip (>= 0.9.4)
    simplecov (0.17.1)
      docile (~> 1.1)
      json (>= 1.8, < 3)
      simplecov-html (~> 0.10.0)
    simplecov-html (0.10.2)
    spring (2.1.0)
    sprockets (4.0.0)
      concurrent-ruby (~> 1.0)
      rack (> 1, < 3)
    sprockets-rails (3.2.1)
      actionpack (>= 4.0)
      activesupport (>= 4.0)
      sprockets (>= 3.0.0)
    terminal-table (1.8.0)
      unicode-display_width (~> 1.1, >= 1.1.1)
    therubyracer (0.12.3)
      libv8 (~> 3.16.14.15)
      ref
    thin (1.7.2)
      daemons (~> 1.0, >= 1.0.9)
      eventmachine (~> 1.0, >= 1.0.4)
      rack (>= 1, < 3)
    thor (0.20.3)
    thread_safe (0.3.6)
    tilt (2.0.10)
    timeliness (0.4.3)
    traceroute (0.8.0)
      rails (>= 3.0.0)
    ttfunk (1.5.1)
    turbolinks (5.2.1)
      turbolinks-source (~> 5.2)
    turbolinks-source (5.2.0)
    tzinfo (1.2.5)
      thread_safe (~> 0.1)
    uglifier (4.2.0)
      execjs (>= 0.3.0, < 3)
    unicode-display_width (1.6.0)
    validates_overlap (0.8.6)
      rails (>= 3.0.0)
    validates_timeliness (4.1.1)
      timeliness (>= 0.3.10, < 1)
    warden (1.2.7)
      rack (>= 1.0)
    webrat (0.7.3)
      nokogiri (>= 1.2.0)
      rack (>= 1.0)
      rack-test (>= 0.5.3)
    xpath (3.2.0)
      nokogiri (~> 1.8)
    yard (0.9.20)

PLATFORMS
  ruby

DEPENDENCIES
  active_link_to
  activerecord-reset-pk-sequence
  axlsx (~> 3.0.0pre)
  brakeman
  byebug
  cancancan
  capybara
  carrierwave
  cocoon
  coffee-rails (~> 4.1.0)
  daemons
  delayed_job_active_record
  devise
  execjs
  factory_bot_rails
  faker
  ffaker
  file_validators
  foundation-rails (~> 5.5.3)
  holidays
  i18n (>= 0.6.9)
  i18n-tasks (~> 0.9.20)
  jbuilder (~> 1.2)
  jquery-rails
  json_converter (~> 0.0.0)
  kaminari
  mini_magick (>= 4.9.4)
  money
  money-rails
  morrisjs-rails
  paper_trail (~> 3.0.6)
  passenger
  pg (= 0.20)
  prawn
  prawn-table (~> 0.2.0)
  priceable
  railroady
  rails (~> 4.2.10)
  rails-fix-permissions
  rails-observers
  ransack (~> 1.8.0)
  raphael-rails
  redcarpet
  rspec
  rspec-rails
  rubocop
  rubyzip (>= 1.3.0)
  sass-rails
  seed_dump
  settingslogic
  shoulda-matchers (~> 3.1)
  simple_xlsx_writer
  simplecov
  spring
  therubyracer
  thin
  timeliness
  traceroute
  turbolinks
  tzinfo (~> 1.2.1)
  uglifier (>= 1.3.0)
  validates_overlap
  validates_timeliness (~> 4.0)
  webrat
  yard (>= 0.9.20)

RUBY VERSION
   ruby 2.5.5p157

BUNDLED WITH
   1.17.3
